NUGET
  remote: https://api.nuget.org/v3/index.json
    Microsoft.AspNetCore.Http.Abstractions (2.3) - restriction: && (< net8.0) (>= netstandard2.0)
      Microsoft.AspNetCore.Http.Features (>= 2.3) - restriction: >= netstandard2.0
      System.Text.Encodings.Web (>= 8.0) - restriction: >= netstandard2.0
    Microsoft.AspNetCore.Http.Features (5.0.17) - restriction: && (< net8.0) (>= netstandard2.0)
      Microsoft.Extensions.Primitives (>= 5.0.1) - restriction: || (>= net461) (>= netstandard2.0)
      System.IO.Pipelines (>= 5.0.2) - restriction: || (>= net461) (>= netstandard2.0)
    Microsoft.AspNetCore.OpenApi (9.0)
      Microsoft.OpenApi (>= 1.6.17) - restriction: >= net9.0
    Microsoft.Bcl.AsyncInterfaces (9.0.6) - restriction: || (>= net462) (&& (>= net8.0) (< netstandard2.1)) (&& (< net8.0) (>= netstandard2.0)) (&& (>= netstandard2.0) (< netstandard2.1))
      System.Threading.Tasks.Extensions (>= 4.5.4) - restriction: || (>= net462) (&& (>= netstandard2.0) (< netstandard2.1))
    Microsoft.Bcl.HashCode (6.0) - restriction: && (>= net462) (>= netstandard2.0)
    Microsoft.Extensions.Compliance.Abstractions (9.6) - restriction: || (>= net462) (>= net8.0)
      Microsoft.Bcl.HashCode (>= 1.1.1) - restriction: && (< net8.0) (>= netstandard2.0)
      Microsoft.Extensions.DependencyInjection.Abstractions (>= 8.0.2) - restriction: || (&& (>= net8.0) (< net9.0)) (&& (< net8.0) (>= netstandard2.0))
      Microsoft.Extensions.DependencyInjection.Abstractions (>= 9.0.6) - restriction: >= net9.0
      Microsoft.Extensions.ObjectPool (>= 8.0.17) - restriction: || (&& (>= net8.0) (< net9.0)) (&& (< net8.0) (>= netstandard2.0))
      Microsoft.Extensions.ObjectPool (>= 9.0.6) - restriction: >= net9.0
      System.Memory (>= 4.5.5) - restriction: && (< net8.0) (>= netstandard2.0)
    Microsoft.Extensions.Configuration (9.0.6) - restriction: || (>= net462) (>= netstandard2.0)
      Microsoft.Extensions.Configuration.Abstractions (>= 9.0.6) - restriction: || (>= net462) (>= netstandard2.0)
      Microsoft.Extensions.Primitives (>= 9.0.6) - restriction: || (>= net462) (>= netstandard2.0)
    Microsoft.Extensions.Configuration.Abstractions (9.0.6) - restriction: || (>= net462) (>= netstandard2.0)
      Microsoft.Extensions.Primitives (>= 9.0.6) - restriction: || (>= net462) (>= netstandard2.0)
      System.ValueTuple (>= 4.5) - restriction: >= net462
    Microsoft.Extensions.Configuration.Binder (9.0.6) - restriction: || (>= net462) (>= netstandard2.0)
      Microsoft.Extensions.Configuration.Abstractions (>= 9.0.6) - restriction: || (>= net462) (>= netstandard2.0)
    Microsoft.Extensions.DependencyInjection (9.0.6) - restriction: || (>= net462) (>= netstandard2.0)
      Microsoft.Bcl.AsyncInterfaces (>= 9.0.6) - restriction: || (>= net462) (&& (>= netstandard2.0) (< netstandard2.1))
      Microsoft.Extensions.DependencyInjection.Abstractions (>= 9.0.6) - restriction: || (>= net462) (>= netstandard2.0)
      System.Threading.Tasks.Extensions (>= 4.5.4) - restriction: || (>= net462) (&& (>= netstandard2.0) (< netstandard2.1))
    Microsoft.Extensions.DependencyInjection.Abstractions (9.0.6) - restriction: || (>= net462) (>= netstandard2.0)
      Microsoft.Bcl.AsyncInterfaces (>= 9.0.6) - restriction: || (>= net462) (&& (>= netstandard2.0) (< netstandard2.1))
      System.Threading.Tasks.Extensions (>= 4.5.4) - restriction: || (>= net462) (&& (>= netstandard2.0) (< netstandard2.1))
    Microsoft.Extensions.Diagnostics.Abstractions (9.0.6) - restriction: || (>= net462) (>= netstandard2.0)
      Microsoft.Extensions.DependencyInjection.Abstractions (>= 9.0.6) - restriction: || (>= net462) (>= netstandard2.0)
      Microsoft.Extensions.Options (>= 9.0.6) - restriction: || (>= net462) (>= netstandard2.0)
      System.Buffers (>= 4.5.1) - restriction: || (>= net462) (&& (< net8.0) (>= netstandard2.0))
      System.Diagnostics.DiagnosticSource (>= 9.0.6) - restriction: || (>= net462) (&& (>= net8.0) (< net9.0)) (&& (< net8.0) (>= netstandard2.0))
      System.Memory (>= 4.5.5) - restriction: || (>= net462) (&& (< net8.0) (>= netstandard2.0))
    Microsoft.Extensions.FileProviders.Abstractions (9.0.6) - restriction: || (>= net462) (>= netstandard2.0)
      Microsoft.Extensions.Primitives (>= 9.0.6) - restriction: || (>= net462) (>= netstandard2.0)
    Microsoft.Extensions.Hosting.Abstractions (9.0.6) - restriction: || (>= net462) (>= netstandard2.0)
      Microsoft.Bcl.AsyncInterfaces (>= 9.0.6) - restriction: || (>= net462) (&& (>= netstandard2.0) (< netstandard2.1))
      Microsoft.Extensions.Configuration.Abstractions (>= 9.0.6) - restriction: || (>= net462) (>= netstandard2.0)
      Microsoft.Extensions.DependencyInjection.Abstractions (>= 9.0.6) - restriction: || (>= net462) (>= netstandard2.0)
      Microsoft.Extensions.Diagnostics.Abstractions (>= 9.0.6) - restriction: || (>= net462) (>= netstandard2.0)
      Microsoft.Extensions.FileProviders.Abstractions (>= 9.0.6) - restriction: || (>= net462) (>= netstandard2.0)
      Microsoft.Extensions.Logging.Abstractions (>= 9.0.6) - restriction: || (>= net462) (>= netstandard2.0)
      System.Threading.Tasks.Extensions (>= 4.5.4) - restriction: || (>= net462) (&& (>= netstandard2.0) (< netstandard2.1))
    Microsoft.Extensions.Logging (9.0.6) - restriction: || (>= net462) (>= netstandard2.0)
      Microsoft.Bcl.AsyncInterfaces (>= 9.0.6) - restriction: || (>= net462) (&& (>= netstandard2.0) (< netstandard2.1))
      Microsoft.Extensions.DependencyInjection (>= 9.0.6) - restriction: || (>= net462) (>= netstandard2.0)
      Microsoft.Extensions.Logging.Abstractions (>= 9.0.6) - restriction: || (>= net462) (>= netstandard2.0)
      Microsoft.Extensions.Options (>= 9.0.6) - restriction: || (>= net462) (>= netstandard2.0)
      System.Diagnostics.DiagnosticSource (>= 9.0.6) - restriction: || (>= net462) (&& (< net8.0) (>= netstandard2.1)) (&& (>= netstandard2.0) (< netstandard2.1))
      System.ValueTuple (>= 4.5) - restriction: >= net462
    Microsoft.Extensions.Logging.Abstractions (9.0.6) - restriction: || (>= net462) (>= netstandard2.0)
      Microsoft.Extensions.DependencyInjection.Abstractions (>= 9.0.6) - restriction: || (>= net462) (>= netstandard2.0)
      System.Buffers (>= 4.5.1) - restriction: || (>= net462) (&& (< net8.0) (>= netstandard2.0))
      System.Diagnostics.DiagnosticSource (>= 9.0.6) - restriction: || (>= net462) (&& (>= net8.0) (< net9.0)) (&& (< net8.0) (>= netstandard2.0))
      System.Memory (>= 4.5.5) - restriction: || (>= net462) (&& (< net8.0) (>= netstandard2.0))
    Microsoft.Extensions.Logging.Configuration (9.0.6) - restriction: || (>= net462) (>= netstandard2.0)
      Microsoft.Extensions.Configuration (>= 9.0.6) - restriction: || (>= net462) (>= netstandard2.0)
      Microsoft.Extensions.Configuration.Abstractions (>= 9.0.6) - restriction: || (>= net462) (>= netstandard2.0)
      Microsoft.Extensions.Configuration.Binder (>= 9.0.6) - restriction: || (>= net462) (>= netstandard2.0)
      Microsoft.Extensions.DependencyInjection.Abstractions (>= 9.0.6) - restriction: || (>= net462) (>= netstandard2.0)
      Microsoft.Extensions.Logging (>= 9.0.6) - restriction: || (>= net462) (>= netstandard2.0)
      Microsoft.Extensions.Logging.Abstractions (>= 9.0.6) - restriction: || (>= net462) (>= netstandard2.0)
      Microsoft.Extensions.Options (>= 9.0.6) - restriction: || (>= net462) (>= netstandard2.0)
      Microsoft.Extensions.Options.ConfigurationExtensions (>= 9.0.6) - restriction: || (>= net462) (>= netstandard2.0)
    Microsoft.Extensions.ObjectPool (9.0.6) - restriction: || (>= net462) (>= net8.0)
    Microsoft.Extensions.Options (9.0.6) - restriction: || (>= net462) (>= netstandard2.0)
      Microsoft.Extensions.DependencyInjection.Abstractions (>= 9.0.6) - restriction: || (>= net462) (>= netstandard2.0)
      Microsoft.Extensions.Primitives (>= 9.0.6) - restriction: || (>= net462) (>= netstandard2.0)
      System.ValueTuple (>= 4.5) - restriction: >= net462
    Microsoft.Extensions.Options.ConfigurationExtensions (9.0.6) - restriction: || (>= net462) (>= netstandard2.0)
      Microsoft.Extensions.Configuration.Abstractions (>= 9.0.6) - restriction: || (>= net462) (>= netstandard2.0)
      Microsoft.Extensions.Configuration.Binder (>= 9.0.6) - restriction: || (>= net462) (>= netstandard2.0)
      Microsoft.Extensions.DependencyInjection.Abstractions (>= 9.0.6) - restriction: || (>= net462) (>= netstandard2.0)
      Microsoft.Extensions.Options (>= 9.0.6) - restriction: || (>= net462) (>= netstandard2.0)
      Microsoft.Extensions.Primitives (>= 9.0.6) - restriction: || (>= net462) (>= netstandard2.0)
    Microsoft.Extensions.Primitives (9.0.6) - restriction: || (>= net462) (>= netstandard2.0)
      System.Memory (>= 4.5.5) - restriction: || (>= net462) (&& (< net8.0) (>= netstandard2.0))
      System.Runtime.CompilerServices.Unsafe (>= 6.0) - restriction: || (>= net462) (&& (< net8.0) (>= netstandard2.0))
    Microsoft.Extensions.Telemetry.Abstractions (9.6)
      Microsoft.Extensions.Compliance.Abstractions (>= 9.6) - restriction: || (>= net462) (>= net8.0)
      Microsoft.Extensions.Logging.Abstractions (>= 8.0.3) - restriction: || (>= net462) (&& (>= net8.0) (< net9.0))
      Microsoft.Extensions.Logging.Abstractions (>= 9.0.6) - restriction: >= net9.0
      Microsoft.Extensions.ObjectPool (>= 8.0.17) - restriction: || (>= net462) (&& (>= net8.0) (< net9.0))
      Microsoft.Extensions.ObjectPool (>= 9.0.6) - restriction: >= net9.0
      Microsoft.Extensions.Options (>= 8.0.2) - restriction: || (>= net462) (&& (>= net8.0) (< net9.0))
      Microsoft.Extensions.Options (>= 9.0.6) - restriction: >= net9.0
    Microsoft.OpenApi (1.6.24) - restriction: >= net9.0
    OpenTelemetry (1.12)
      Microsoft.Extensions.Diagnostics.Abstractions (>= 9.0) - restriction: || (>= net462) (>= netstandard2.0)
      Microsoft.Extensions.Logging.Configuration (>= 9.0) - restriction: || (>= net462) (>= netstandard2.0)
      OpenTelemetry.Api.ProviderBuilderExtensions (>= 1.12) - restriction: || (>= net462) (>= netstandard2.0)
    OpenTelemetry.Api (1.12) - restriction: || (>= net462) (>= netstandard2.0)
      System.Diagnostics.DiagnosticSource (>= 9.0) - restriction: || (>= net462) (>= netstandard2.0)
    OpenTelemetry.Api.ProviderBuilderExtensions (1.12) - restriction: || (>= net462) (>= netstandard2.0)
      Microsoft.Extensions.DependencyInjection.Abstractions (>= 9.0) - restriction: || (>= net462) (>= netstandard2.0)
      OpenTelemetry.Api (>= 1.12) - restriction: || (>= net462) (>= netstandard2.0)
    OpenTelemetry.Exporter.Console (1.12)
      OpenTelemetry (>= 1.12) - restriction: || (>= net462) (>= netstandard2.0)
      System.Text.Encodings.Web (>= 4.7.2) - restriction: || (>= net462) (&& (< net8.0) (>= netstandard2.0))
      System.Text.Json (>= 4.7.2) - restriction: || (>= net462) (&& (< net8.0) (>= netstandard2.0))
      System.Text.Json (>= 8.0.5) - restriction: && (>= net8.0) (< net9.0)
    OpenTelemetry.Exporter.OpenTelemetryProtocol (1.12)
      OpenTelemetry (>= 1.12) - restriction: || (>= net462) (>= netstandard2.0)
    OpenTelemetry.Extensions.Hosting (1.12)
      Microsoft.Extensions.Hosting.Abstractions (>= 9.0) - restriction: || (>= net462) (>= netstandard2.0)
      OpenTelemetry (>= 1.12) - restriction: || (>= net462) (>= netstandard2.0)
    OpenTelemetry.Instrumentation.AspNetCore (1.12)
      Microsoft.AspNetCore.Http.Abstractions (>= 2.1.1 < 6.0) - restriction: && (< net8.0) (>= netstandard2.0)
      Microsoft.AspNetCore.Http.Features (>= 2.1.1 < 6.0) - restriction: && (< net8.0) (>= netstandard2.0)
      Microsoft.Extensions.Configuration (>= 9.0) - restriction: && (< net8.0) (>= netstandard2.0)
      Microsoft.Extensions.Options (>= 9.0) - restriction: && (< net8.0) (>= netstandard2.0)
      OpenTelemetry.Api.ProviderBuilderExtensions (>= 1.12 < 2.0) - restriction: >= netstandard2.0
      System.Text.Encodings.Web (>= 4.7.2) - restriction: && (< net8.0) (>= netstandard2.0)
    OpenTelemetry.Instrumentation.Http (1.12)
      Microsoft.Extensions.Configuration (>= 9.0) - restriction: || (>= net462) (>= netstandard2.0)
      Microsoft.Extensions.Options (>= 9.0) - restriction: || (>= net462) (>= netstandard2.0)
      OpenTelemetry.Api.ProviderBuilderExtensions (>= 1.12 < 2.0) - restriction: || (>= net462) (>= netstandard2.0)
    OpenTelemetry.Instrumentation.Process (1.12.0-beta.1)
      OpenTelemetry.Api (>= 1.12 < 2.0) - restriction: >= netstandard2.0
    OpenTelemetry.Instrumentation.Runtime (1.12)
      OpenTelemetry.Api (>= 1.12 < 2.0) - restriction: || (>= net462) (>= netstandard2.0)
    System.Buffers (4.6.1) - restriction: || (>= net462) (&& (< net8.0) (>= netstandard2.0))
    System.Diagnostics.DiagnosticSource (9.0.6) - restriction: || (>= net462) (&& (>= net8.0) (< net9.0)) (&& (< net8.0) (>= netstandard2.1)) (>= netstandard2.0)
      System.Memory (>= 4.5.5) - restriction: || (>= net462) (&& (< net8.0) (>= netstandard2.0))
      System.Runtime.CompilerServices.Unsafe (>= 6.0) - restriction: || (>= net462) (&& (< net8.0) (>= netstandard2.0))
    System.IO.Pipelines (9.0.6) - restriction: || (&& (>= net461) (>= netstandard2.0)) (>= net462) (&& (>= net8.0) (< net9.0)) (&& (< net8.0) (>= netstandard2.0))
      System.Buffers (>= 4.5.1) - restriction: || (>= net462) (&& (< net8.0) (>= netstandard2.0))
      System.Memory (>= 4.5.5) - restriction: || (>= net462) (&& (< net8.0) (>= netstandard2.0))
      System.Threading.Tasks.Extensions (>= 4.5.4) - restriction: || (>= net462) (&& (< net8.0) (>= netstandard2.0))
    System.Memory (4.6.3) - restriction: || (>= net462) (&& (< net8.0) (>= netstandard2.0))
      System.Buffers (>= 4.6.1) - restriction: || (>= net462) (&& (< netcoreapp2.1) (>= netstandard2.0) (< netstandard2.1))
      System.Numerics.Vectors (>= 4.6.1) - restriction: || (>= net462) (&& (< netcoreapp2.1) (>= netstandard2.0) (< netstandard2.1))
      System.Runtime.CompilerServices.Unsafe (>= 6.1.2) - restriction: || (>= net462) (&& (< netcoreapp2.1) (>= netstandard2.0) (< netstandard2.1))
    System.Numerics.Vectors (4.6.1) - restriction: && (>= net462) (>= netstandard2.0)
    System.Runtime.CompilerServices.Unsafe (6.1.2) - restriction: || (>= net462) (&& (< net8.0) (>= netstandard2.0)) (&& (< netcoreapp2.1) (>= netstandard2.0) (< netstandard2.1))
    System.Text.Encodings.Web (9.0.6) - restriction: || (>= net462) (&& (>= net8.0) (< net9.0)) (&& (< net8.0) (>= netstandard2.0))
      System.Buffers (>= 4.5.1) - restriction: || (>= net462) (&& (< net8.0) (>= netstandard2.0))
      System.Memory (>= 4.5.5) - restriction: || (>= net462) (&& (< net8.0) (>= netstandard2.0))
      System.Runtime.CompilerServices.Unsafe (>= 6.0) - restriction: || (>= net462) (&& (< net8.0) (>= netstandard2.0))
    System.Text.Json (9.0.6) - restriction: || (>= net462) (&& (>= net8.0) (< net9.0)) (&& (< net8.0) (>= netstandard2.0))
      Microsoft.Bcl.AsyncInterfaces (>= 9.0.6) - restriction: || (>= net462) (&& (< net8.0) (>= netstandard2.0))
      System.Buffers (>= 4.5.1) - restriction: || (>= net462) (&& (< net8.0) (>= netstandard2.0))
      System.IO.Pipelines (>= 9.0.6) - restriction: || (>= net462) (&& (>= net8.0) (< net9.0)) (&& (< net8.0) (>= netstandard2.0))
      System.Memory (>= 4.5.5) - restriction: || (>= net462) (&& (< net8.0) (>= netstandard2.0))
      System.Runtime.CompilerServices.Unsafe (>= 6.0) - restriction: || (>= net462) (&& (< net8.0) (>= netstandard2.0))
      System.Text.Encodings.Web (>= 9.0.6) - restriction: || (>= net462) (&& (>= net8.0) (< net9.0)) (&& (< net8.0) (>= netstandard2.0))
      System.Threading.Tasks.Extensions (>= 4.5.4) - restriction: || (>= net462) (&& (< net8.0) (>= netstandard2.0))
      System.ValueTuple (>= 4.5) - restriction: >= net462
    System.Threading.Tasks.Extensions (4.6.3) - restriction: || (>= net462) (&& (>= net8.0) (< netstandard2.1)) (&& (< net8.0) (>= netstandard2.0)) (&& (>= netstandard2.0) (< netstandard2.1))
      System.Runtime.CompilerServices.Unsafe (>= 6.1.2) - restriction: || (>= net462) (&& (< netcoreapp2.1) (>= netstandard2.0) (< netstandard2.1))
    System.ValueTuple (4.6.1) - restriction: >= net462
